GEM
  remote: https://rubygems.org/
  specs:
    addressable (2.7.0)
      public_suffix (>= 2.0.2, < 5.0)
    crass (1.0.5)
    daemons (1.3.1)
    data_objects (0.10.17)
      addressable (~> 2.1)
    diff-lcs (1.3)
    dm-core (1.2.1)
      addressable (~> 2.3)
    dm-do-adapter (1.2.0)
      data_objects (~> 0.10.6)
      dm-core (~> 1.2.0)
    dm-migrations (1.2.0)
      dm-core (~> 1.2.0)
    dm-postgres-adapter (1.2.0)
      dm-do-adapter (~> 1.2.0)
      do_postgres (~> 0.10.6)
    dm-yaml-adapter (1.2.0)
      dm-core (~> 1.2.0)
    do_postgres (0.10.17)
      data_objects (= 0.10.17)
    eventmachine (1.2.7)
    feedjira (3.1.0)
      loofah (>= 2.3.1)
      sax-machine (>= 1.0)
    loofah (2.3.1)
      crass (~> 1.0.2)
      nokogiri (>= 1.5.9)
    mini_portile2 (2.4.0)
    mustermann (1.0.3)
    nokogiri (1.10.9)
      mini_portile2 (~> 2.4.0)
    public_suffix (4.0.1)
    rack (2.0.8)
    rack-protection (2.0.7)
      rack
    rack-test (1.1.0)
      rack (>= 1.0, < 3)
    rspec (3.9.0)
      rspec-core (~> 3.9.0)
      rspec-expectations (~> 3.9.0)
      rspec-mocks (~> 3.9.0)
    rspec-core (3.9.0)
      rspec-support (~> 3.9.0)
    rspec-expectations (3.9.0)
      diff-lcs (>= 1.2.0, < 2.0)
      rspec-support (~> 3.9.0)
    rspec-mocks (3.9.0)
      diff-lcs (>= 1.2.0, < 2.0)
      rspec-support (~> 3.9.0)
    rspec-support (3.9.0)
    sax-machine (1.3.2)
    sinatra (2.0.7)
      mustermann (~> 1.0)
      rack (~> 2.0)
      rack-protection (= 2.0.7)
      tilt (~> 2.0)
    slim (4.0.1)
      temple (>= 0.7.6, < 0.9)
      tilt (>= 2.0.6, < 2.1)
    temple (0.8.2)
    thin (1.7.2)
      daemons (~> 1.0, >= 1.0.9)
      eventmachine (~> 1.0, >= 1.0.4)
      rack (>= 1, < 3)
    tilt (2.0.10)

PLATFORMS
  ruby

DEPENDENCIES
  dm-core
  dm-migrations
  dm-postgres-adapter
  dm-yaml-adapter
  feedjira
  rack-test
  rspec
  sinatra
  slim
  thin
  tilt

RUBY VERSION
   ruby 2.6.5p114

BUNDLED WITH
   1.17.3
